GEM
  remote: https://rubygems.org/
  specs:
    rack (2.2.3)
    sinatra (1.0)
      rack (>= 1.0)
    wkhtmltopdf-heroku (3.0.0)
    ruby (3.1.0)

PLATFORMS
  universal-darwin-21
  universal-darwin-23
  x86_64-linux

DEPENDENCIES
  sinatra (= 1.0)
  wkhtmltopdf-heroku

RUBY VERSION
   ruby 3.1.0

BUNDLED WITH
   2.3.9
