GEM
  remote: https://rubygems.org/
  specs:
    rack (2.2.3)
    sinatra (1.0)
      rack (>= 1.0)
    wkhtmltopdf-binary-edge (0.12.6.0)

PLATFORMS
  universal-darwin-21

DEPENDENCIES
  sinatra (= 1.0)
  wkhtmltopdf-binary-edge (~> 0.12.6.0)

BUNDLED WITH
   2.3.9
